PATH
  remote: .
  specs:
    ynab_sync (0.1.0)
      activesupport
      plaid
      ynab

GEM
  remote: https://rubygems.org/
  specs:
    activesupport (7.0.4.1)
      concurrent-ruby (~> 1.0, >= 1.0.2)
      i18n (>= 1.6, < 2)
      minitest (>= 5.1)
      tzinfo (~> 2.0)
    byebug (11.1.3)
    concurrent-ruby (1.1.10)
    diff-lcs (1.4.4)
    ethon (0.12.0)
      ffi (>= 1.3.0)
    faraday (1.0.1)
      multipart-post (>= 1.2, < 3)
    faraday_middleware (1.0.0)
      faraday (~> 1.0)
    ffi (1.13.1)
    hashie (4.1.0)
    i18n (1.12.0)
      concurrent-ruby (~> 1.0)
    json (2.3.1)
    minitest (5.17.0)
    multipart-post (2.1.1)
    plaid (11.0.0)
      faraday
      faraday_middleware
      hashie (>= 3.4.3)
    rake (13.0.1)
    rspec (3.9.0)
      rspec-core (~> 3.9.0)
      rspec-expectations (~> 3.9.0)
      rspec-mocks (~> 3.9.0)
    rspec-core (3.9.2)
      rspec-support (~> 3.9.3)
    rspec-expectations (3.9.2)
      diff-lcs (>= 1.2.0, < 2.0)
      rspec-support (~> 3.9.0)
    rspec-mocks (3.9.1)
      diff-lcs (>= 1.2.0, < 2.0)
      rspec-support (~> 3.9.0)
    rspec-support (3.9.3)
    typhoeus (1.4.0)
      ethon (>= 0.9.0)
    tzinfo (2.0.5)
      concurrent-ruby (~> 1.0)
    ynab (1.19.0)
      json (~> 2.1, >= 2.1.0)
      typhoeus (~> 1.0, >= 1.0.1)

PLATFORMS
  ruby

DEPENDENCIES
  bundler (~> 1.17)
  byebug
  plaid
  rake (~> 13.0)
  rspec (~> 3.0)
  ynab
  ynab_sync!

BUNDLED WITH
   1.17.3
